GEM
  remote: http://rubygems.org/
  specs:
    activemodel (4.1.7)
      activesupport (= 4.1.7)
      builder (~> 3.1)
    activesupport (4.1.7)
      i18n (~> 0.6, >= 0.6.9)
      json (~> 1.7, >= 1.7.7)
      minitest (~> 5.1)
      thread_safe (~> 0.1)
      tzinfo (~> 1.1)
    amq-protocol (1.9.2)
    axlsx (2.0.1)
      htmlentities (~> 4.3.1)
      nokogiri (>= 1.4.1)
      rubyzip (~> 1.0.0)
    bson (2.3.0)
    bson (2.3.0-java)
    builder (3.2.2)
    bundler-unload (1.0.2)
    bunny (1.5.1)
      amq-protocol (>= 1.9.2)
    celluloid (0.16.0)
      timers (~> 4.0.0)
    colorize (0.7.3)
    connection_pool (2.0.0)
    executable-hooks (1.3.2)
    ffi (1.9.6)
    ffi (1.9.6-java)
    git-smart (0.1.10)
      colorize
    hitimes (1.2.2)
    hitimes (1.2.2-java)
    htmlentities (4.3.2)
    i18n (0.6.11)
    json (1.8.1)
    json (1.8.1-java)
    mini_portile (0.6.0)
    minitest (5.4.2)
    mongoid (4.0.0)
      activemodel (~> 4.0)
      moped (~> 2.0.0)
      origin (~> 2.1)
      tzinfo (>= 0.3.37)
    moped (2.0.1)
      bson (~> 2.2)
      connection_pool (~> 2.0)
      optionable (~> 0.2.0)
    nokogiri (1.6.3.1)
      mini_portile (= 0.6.0)
    nokogiri (1.6.3.1-java)
    optionable (0.2.0)
    origin (2.1.1)
    redis (3.1.0)
    rrd-ffi (0.2.14)
      activesupport
      ffi
    rubygems-bundler (1.4.4)
      bundler-unload (>= 1.0.2)
      executable-hooks (>= 1.3.2)
    rubyzip (1.0.0)
    rufus-scheduler (3.0.9)
      tzinfo
    thread_safe (0.3.4)
    thread_safe (0.3.4-java)
    timers (4.0.1)
      hitimes
    tzinfo (1.2.2)
      thread_safe (~> 0.1)

PLATFORMS
  java
  ruby

DEPENDENCIES
  axlsx
  bunny
  celluloid
  connection_pool
  git-smart
  mongoid
  redis
  rrd-ffi
  rubygems-bundler
  rufus-scheduler
