GEM
  remote: http://rubygems.org/
  specs:
    activemodel (4.1.2)
      activesupport (= 4.1.2)
      builder (~> 3.1)
    activesupport (4.1.2)
      i18n (~> 0.6, >= 0.6.9)
      json (~> 1.7, >= 1.7.7)
      minitest (~> 5.1)
      thread_safe (~> 0.1)
      tzinfo (~> 1.1)
    axlsx (2.0.1)
      htmlentities (~> 4.3.1)
      nokogiri (>= 1.4.1)
      rubyzip (~> 1.0.0)
    bson (2.3.0-java)
    builder (3.2.2)
    bundler-unload (1.0.2)
    colorize (0.7.3)
    connection_pool (2.0.0)
    executable-hooks (1.3.2)
    git-smart (0.1.10)
      colorize
    htmlentities (4.3.2)
    i18n (0.6.9)
    json (1.8.1-java)
    minitest (5.3.5)
    mongoid (4.0.0)
      activemodel (~> 4.0)
      moped (~> 2.0.0)
      origin (~> 2.1)
      tzinfo (>= 0.3.37)
    moped (2.0.0)
      bson (~> 2.2)
      connection_pool (~> 2.0)
      optionable (~> 0.2.0)
    nokogiri (1.6.2.1-java)
    optionable (0.2.0)
    origin (2.1.1)
    rubygems-bundler (1.4.4)
      bundler-unload (>= 1.0.2)
      executable-hooks (>= 1.3.2)
    rubyzip (1.0.0)
    rufus-scheduler (3.0.8)
      tzinfo
    thread_safe (0.3.4-java)
    tzinfo (1.2.1)
      thread_safe (~> 0.1)

PLATFORMS
  java

DEPENDENCIES
  axlsx
  git-smart
  mongoid
  rubygems-bundler
  rubysl
  rufus-scheduler
